GEM
  remote: https://rubygems.org/
  specs:
    adsf (1.2.1)
      rack (>= 1.0.0)
    autoprefixer-rails (10.2.4.0)
      execjs
    bootstrap-sass (3.4.1)
      autoprefixer-rails (>= 5.2.1)
      sassc (>= 2.0.0)
    chunky_png (1.3.6)
    coderay (1.1.1)
    colored (1.2)
    compass (1.0.3)
      chunky_png (~> 1.2)
      compass-core (~> 1.0.2)
      compass-import-once (~> 1.0.5)
      rb-fsevent (>= 0.9.3)
      rb-inotify (>= 0.9)
      sass (>= 3.3.13, < 3.5)
    compass-core (1.0.3)
      multi_json (~> 1.0)
      sass (>= 3.3.0, < 3.5)
    compass-import-once (1.0.5)
      sass (>= 3.2, < 3.5)
    cri (2.7.0)
      colored (~> 1.2)
    execjs (2.7.0)
    ffi (1.9.14)
    font-awesome-sass (4.3.2.1)
      sass (~> 3.2)
    formatador (0.2.5)
    guard (2.14.0)
      formatador (>= 0.2.4)
      listen (>= 2.7, < 4.0)
      lumberjack (~> 1.0)
      nenv (~> 0.1)
      notiffany (~> 0.0)
      pry (>= 0.9.12)
      shellany (~> 0.0)
      thor (>= 0.18.1)
    guard-nanoc (1.0.3)
      guard (~> 2.8)
      nanoc (~> 3.6)
    listen (3.1.5)
      rb-fsevent (~> 0.9, >= 0.9.4)
      rb-inotify (~> 0.9, >= 0.9.7)
      ruby_dep (~> 1.2)
    lumberjack (1.0.10)
    method_source (0.8.2)
    multi_json (1.12.1)
    nanoc (3.7.5)
      cri (~> 2.3)
    nanoc-cachebuster (0.4.0)
      nanoc (>= 3.3.0)
    nenv (0.3.0)
    notiffany (0.1.1)
      nenv (~> 0.1)
      shellany (~> 0.0)
    pry (0.10.4)
      coderay (~> 1.1.0)
      method_source (~> 0.8.1)
      slop (~> 3.4)
    rack (2.0.1)
    rainpress (1.0)
    rb-fsevent (0.9.7)
    rb-inotify (0.9.7)
      ffi (>= 0.5.0)
    rb-readline (0.5.3)
    ruby_dep (1.4.0)
    sass (3.4.25)
    sassc (2.4.0)
      ffi (~> 1.9)
    shellany (0.0.1)
    slop (3.6.0)
    thor (0.19.1)
    uglifier (3.0.1)
      execjs (>= 0.3.0, < 3)

PLATFORMS
  ruby

DEPENDENCIES
  adsf (~> 1.2.0)
  bootstrap-sass (~> 3.4.1)
  compass (~> 1.0.3)
  font-awesome-sass (~> 4.3.0)
  guard-nanoc (~> 1.0.3)
  nanoc (~> 3.7.5)
  nanoc-cachebuster
  rainpress
  rb-readline (~> 0.5.2)
  uglifier (>= 1.0.3)

BUNDLED WITH
   1.12.5
